GEM
  remote: http://rubygems.org/
  specs:
    newrelic_rpm (3.14.1.311)
    rack (1.6.4)
    rack-protection (1.5.3)
      rack
    redis (3.2.2)
    sinatra (1.4.6)
      rack (~> 1.4)
      rack-protection (~> 1.4)
      tilt (>= 1.3, < 3)
    sinatra-simple-auth (0.5.1)
      sinatra (>= 1.1.0)
    tilt (2.0.1)

PLATFORMS
  ruby

DEPENDENCIES
  newrelic_rpm
  redis
  sinatra
  sinatra-simple-auth
